GEM
  remote: http://rubygems.org/
  specs:
    coderay (1.0.6)
    execjs (1.4.0)
      multi_json (~> 1.0)
    haml (3.1.6)
    json (1.7.3)
    libv8 (3.3.10.4)
    macaddr (1.6.0)
      systemu (~> 2.2.0)
    method_source (0.7.1)
    multi_json (1.3.5)
    pry (0.9.9.6)
      coderay (~> 1.0.5)
      method_source (~> 0.7.1)
      slop (>= 2.4.4, < 3)
    pry-nav (0.2.1)
      pry (~> 0.9.9)
    rack (1.4.1)
    rack-protection (1.2.0)
      rack
    sass (3.1.18)
    sequel (3.35.0)
    shotgun (0.9)
      rack (>= 1.0)
    sinatra (1.3.2)
      rack (~> 1.3, >= 1.3.6)
      rack-protection (~> 1.2)
      tilt (~> 1.3, >= 1.3.3)
    sinatra-sequel (0.9.0)
      sequel (>= 3.2.0)
      sinatra (>= 0.9.4)
    slop (2.4.4)
    sqlite3 (1.3.6)
    systemu (2.2.0)
    therubyracer (0.10.1)
      libv8 (~> 3.3.10)
    tilt (1.3.3)
    uglifier (1.2.4)
      execjs (>= 0.3.0)
      multi_json (>= 1.0.2)
    uuid (2.3.5)
      macaddr (~> 1.0)

PLATFORMS
  ruby

DEPENDENCIES
  haml
  json
  pry
  pry-nav
  sass
  shotgun
  sinatra
  sinatra-sequel
  sqlite3
  therubyracer
  uglifier
  uuid
