GEM
  remote: http://rubygems.org/
  specs:
    addressable (2.2.8)
    coderay (1.0.6)
    daemons (1.1.8)
    eventmachine (0.12.10)
    excon (0.13.4)
    execjs (1.4.0)
      multi_json (~> 1.0)
    foreman (0.46.0)
      thor (>= 0.13.6)
    haml (3.1.6)
    heroku (2.26.1)
      heroku-api (~> 0.2.1)
      launchy (>= 0.3.2)
      netrc (~> 0.7.2)
      rest-client (~> 1.6.1)
      rubyzip
    heroku-api (0.2.1)
      excon (~> 0.13.3)
    json (1.7.3)
    launchy (2.1.0)
      addressable (~> 2.2.6)
    libv8 (3.3.10.4)
    macaddr (1.6.0)
      systemu (~> 2.2.0)
    method_source (0.7.1)
    mime-types (1.18)
    multi_json (1.3.5)
    netrc (0.7.2)
    pg (0.13.2)
    pry (0.9.9.6)
      coderay (~> 1.0.5)
      method_source (~> 0.7.1)
      slop (>= 2.4.4, < 3)
    pry-nav (0.2.1)
      pry (~> 0.9.9)
    rack (1.4.1)
    rack-protection (1.2.0)
      rack
    rest-client (1.6.7)
      mime-types (>= 1.16)
    rubyzip (0.9.8)
    sass (3.1.18)
    sequel (3.35.0)
    shotgun (0.9)
      rack (>= 1.0)
    sinatra (1.3.2)
      rack (~> 1.3, >= 1.3.6)
      rack-protection (~> 1.2)
      tilt (~> 1.3, >= 1.3.3)
    sinatra-sequel (0.9.0)
      sequel (>= 3.2.0)
      sinatra (>= 0.9.4)
    slop (2.4.4)
    sqlite3 (1.3.6)
    systemu (2.2.0)
    therubyracer (0.10.1)
      libv8 (~> 3.3.10)
    thin (1.3.1)
      daemons (>= 1.0.9)
      eventmachine (>= 0.12.6)
      rack (>= 1.0.0)
    thor (0.15.2)
    tilt (1.3.3)
    uglifier (1.2.4)
      execjs (>= 0.3.0)
      multi_json (>= 1.0.2)
    uuid (2.3.5)
      macaddr (~> 1.0)

PLATFORMS
  ruby

DEPENDENCIES
  foreman
  haml
  heroku
  json
  pg
  pry
  pry-nav
  sass
  shotgun
  sinatra
  sinatra-sequel
  sqlite3
  therubyracer
  thin
  uglifier
  uuid
